GEM
  remote: http://rubygems.org/
  specs:
    POpen4 (0.1.4)
      Platform (>= 0.4.0)
      open4
    Platform (0.4.0)
    RedCloth (4.2.9)
    abstract (1.0.0)
    actionmailer (3.0.7)
      actionpack (= 3.0.7)
      mail (~> 2.2.15)
    actionpack (3.0.7)
      activemodel (= 3.0.7)
      activesupport (= 3.0.7)
      builder (~> 2.1.2)
      erubis (~> 2.6.6)
      i18n (~> 0.5.0)
      rack (~> 1.2.1)
      rack-mount (~> 0.6.14)
      rack-test (~> 0.5.7)
      tzinfo (~> 0.3.23)
    activemodel (3.0.7)
      activesupport (= 3.0.7)
      builder (~> 2.1.2)
      i18n (~> 0.5.0)
    activerecord (3.0.7)
      activemodel (= 3.0.7)
      activesupport (= 3.0.7)
      arel (~> 2.0.2)
      tzinfo (~> 0.3.23)
    activeresource (3.0.7)
      activemodel (= 3.0.7)
      activesupport (= 3.0.7)
    activesupport (3.0.7)
    ajaxlibs (0.1.12)
    albino (1.3.3)
      posix-spawn (>= 0.3.6)
    arel (2.0.10)
    awesome_nested_set (2.0.0)
      activerecord (>= 3.0.0)
    builder (2.1.2)
    daemons (1.0.10)
    diff-lcs (1.1.2)
    erubis (2.6.6)
      abstract (>= 1.0.0)
    factory_girl (1.3.3)
    gem_plugin (0.2.3)
    github-markup (0.5.3)
    gollum (1.3.0)
      albino (~> 1.3.2)
      github-markup (>= 0.4.0, < 1.0.0)
      grit (~> 2.4.1)
      mustache (>= 0.11.2, < 1.0.0)
      nokogiri (~> 1.4)
      sanitize (~> 2.0.0)
      sinatra (~> 1.0)
    grit (2.4.1)
      diff-lcs (~> 1.1)
      mime-types (~> 1.15)
    haml (3.1.1)
    i18n (0.5.0)
    jammit (0.6.3)
      yui-compressor (>= 0.9.3)
    mail (2.2.19)
      activesupport (>= 2.3.6)
      i18n (>= 0.4.0)
      mime-types (~> 1.16)
      treetop (~> 1.4.8)
    mime-types (1.16)
    mongrel (1.2.0.pre2)
      daemons (~> 1.0.10)
      gem_plugin (~> 0.2.3)
    mustache (0.99.3)
    mysql2 (0.2.3)
    nokogiri (1.4.4)
    open4 (1.0.1)
    polyglot (0.3.1)
    posix-spawn (0.3.6)
    rack (1.2.3)
    rack-mount (0.6.14)
      rack (>= 1.0.0)
    rack-test (0.5.7)
      rack (>= 1.0)
    rails (3.0.7)
      actionmailer (= 3.0.7)
      actionpack (= 3.0.7)
      activerecord (= 3.0.7)
      activeresource (= 3.0.7)
      activesupport (= 3.0.7)
      bundler (~> 1.0)
      railties (= 3.0.7)
    rails3-generators (0.17.4)
      railties (>= 3.0.0)
    railties (3.0.7)
      actionpack (= 3.0.7)
      activesupport (= 3.0.7)
      rake (>= 0.8.7)
      thor (~> 0.14.4)
    rake (0.9.0)
    sanitize (2.0.2)
      nokogiri (~> 1.4.4)
    shoulda (2.11.3)
    sinatra (1.2.6)
      rack (~> 1.1)
      tilt (>= 1.2.2, < 2.0)
    thor (0.14.6)
    tilt (1.3.1)
    treetop (1.4.9)
      polyglot (>= 0.3.1)
    tzinfo (0.3.27)
    yui-compressor (0.9.6)
      POpen4 (>= 0.1.4)

PLATFORMS
  ruby

DEPENDENCIES
  RedCloth (= 4.2.9)
  ajaxlibs
  awesome_nested_set
  factory_girl (~> 1.3.2)
  gollum (~> 1.3.0)
  haml (~> 3.1.1)
  jammit
  mongrel (= 1.2.0.pre2)
  mysql2 (~> 0.2.3)
  rails (= 3.0.7)
  rails3-generators
  shoulda (~> 2.11.3)
